GEM
  remote: http://rubygems.org/
  specs:
    activesupport (4.1.4)
      i18n (~> 0.6, >= 0.6.9)
      json (~> 1.7, >= 1.7.7)
      minitest (~> 5.1)
      thread_safe (~> 0.1)
      tzinfo (~> 1.1)
    addressable (2.3.6)
    awesome_print (1.2.0)
    aws-sdk (1.46.0)
      json (~> 1.4)
      nokogiri (>= 1.4.4)
    buftok (0.2.0)
    daemon-spawn (0.4.2)
    diff-lcs (1.1.3)
    docile (1.1.5)
    dotenv (2.0.0)
    earthquake (1.0.2)
      activesupport
      awesome_print
      i18n
      jugyo-twitter_oauth (= 0.5.0.pre5)
      launchy
      notify
      oauth
      slop (~> 3.4.0)
      twitter-stream
    equalizer (0.0.11)
    eventmachine (1.0.3)
    faraday (0.9.1)
      multipart-post (>= 1.2, < 3)
    http (0.6.4)
      http_parser.rb (~> 0.6.0)
    http_parser.rb (0.6.0)
    httparty (0.13.3)
      json (~> 1.8)
      multi_xml (>= 0.5.2)
    i18n (0.6.11)
    json (1.8.1)
    jugyo-twitter_oauth (0.5.0.pre5)
      json (>= 1.1.9)
      mime-types (>= 1.16)
      oauth (>= 0.4.1)
    launchy (2.4.2)
      addressable (~> 2.3)
    mem (0.1.5)
    memoizable (0.4.2)
      thread_safe (~> 0.3, >= 0.3.1)
    mime-types (2.3)
    mini_portile (0.6.0)
    minitest (5.4.0)
    multi_json (1.10.1)
    multi_xml (0.5.5)
    multipart-post (2.0.0)
    naught (1.0.0)
    nokogiri (1.6.2.1)
      mini_portile (= 0.6.0)
    notify (0.5.2)
    oauth (0.4.7)
    rack (1.5.2)
    rack-protection (1.5.3)
      rack
    rdoc (3.12.2)
      json (~> 1.4)
    roauth (0.0.8)
    rspec (2.8.0)
      rspec-core (~> 2.8.0)
      rspec-expectations (~> 2.8.0)
      rspec-mocks (~> 2.8.0)
    rspec-core (2.8.0)
    rspec-expectations (2.8.0)
      diff-lcs (~> 1.1.2)
    rspec-mocks (2.8.0)
    ruboty (1.2.1)
      activesupport
      bundler
      dotenv
      mem
      slop
    ruboty-twitter (0.0.8)
      activesupport
      mem
      ruboty
      twitter (>= 5.0.0)
    simple_oauth (0.3.1)
    simplecov (0.8.2)
      docile (~> 1.1.0)
      multi_json
      simplecov-html (~> 0.8.0)
    simplecov-html (0.8.0)
    sinatra (1.4.5)
      rack (~> 1.4)
      rack-protection (~> 1.4)
      tilt (~> 1.3, >= 1.3.4)
    slop (3.4.7)
    thor (0.18.1)
    thread_safe (0.3.4)
    tilt (1.4.1)
    twitter (5.14.0)
      addressable (~> 2.3)
      buftok (~> 0.2.0)
      equalizer (~> 0.0.9)
      faraday (~> 0.9.0)
      http (~> 0.6.0)
      http_parser.rb (~> 0.6.0)
      json (~> 1.8)
      memoizable (~> 0.4.0)
      naught (~> 1.0)
      simple_oauth (~> 0.3.0)
    twitter-stream (0.1.12)
      eventmachine (>= 0.12.8)
      roauth (>= 0.0.2)
    tzinfo (1.2.1)
      thread_safe (~> 0.1)

PLATFORMS
  ruby

DEPENDENCIES
  aws-sdk
  bundler (~> 1.0)
  daemon-spawn
  earthquake
  httparty
  json
  rdoc (~> 3.12)
  rspec (~> 2.8.0)
  ruboty
  ruboty-twitter
  simplecov
  sinatra
  thor
